GEM
  remote: https://rubygems.org/
  specs:
    addressable (2.8.0)
      public_suffix (>= 2.0.2, < 5.0)
    mustermann (1.0.3)
    naughty_or_nice (2.1.1)
      addressable (~> 2.3)
      public_suffix (>= 2.0, < 4.0)
    public_suffix (3.1.1)
    rack (2.0.6)
    rack-protection (2.0.5)
      rack
    sinatra (2.0.5)
      mustermann (~> 1.0)
      rack (~> 2.0)
      rack-protection (= 2.0.5)
      tilt (~> 2.0)
    swot (1.0.0)
      naughty_or_nice (~> 2.0)
      public_suffix
    tilt (2.0.9)

PLATFORMS
  ruby

DEPENDENCIES
  sinatra
  swot

BUNDLED WITH
   1.16.2
