GEM
  remote: https://rubygems.org/
  specs:
    addressable (2.5.2)
      public_suffix (>= 2.0.2, < 4.0)
    mustermann (1.0.1)
    naughty_or_nice (2.1.0)
      addressable (~> 2.3)
      public_suffix (~> 2.0)
    public_suffix (2.0.5)
    rack (2.0.3)
    rack-protection (2.0.0)
      rack
    sinatra (2.0.0)
      mustermann (~> 1.0)
      rack (~> 2.0)
      rack-protection (= 2.0.0)
      tilt (~> 2.0)
    swot (1.0.0)
      naughty_or_nice (~> 2.0)
      public_suffix
    tilt (2.0.8)

PLATFORMS
  ruby

DEPENDENCIES
  sinatra
  swot

BUNDLED WITH
   1.15.4
